GEM
  remote: https://rubygems.org/
  specs:
    coderay (1.1.0)
    colorize (0.7.4)
    dropbox-sdk (1.6.4)
      json
    json (1.8.1)
    method_source (0.8.2)
    minitest (4.7.5)
    pry (0.10.1)
      coderay (~> 1.1.0)
      method_source (~> 0.8.1)
      slop (~> 3.4)
    slop (3.6.0)

PLATFORMS
  ruby

DEPENDENCIES
  colorize
  dropbox-sdk
  minitest
  pry
